GEM
  remote: http://rubygems.org/
  specs:
    bubble-wrap (1.3.0)
    motion-stump (0.2.1)
    rake (10.0.4)

PLATFORMS
  ruby

DEPENDENCIES
  bubble-wrap
  motion-stump
  rake
