PATH
  remote: .
  specs:
    can_i (0.1.2)
      bubble-wrap

GEM
  remote: https://rubygems.org/
  specs:
    bubble-wrap (1.3.0)
    motion-stump (0.2.1)
    rake (10.0.4)

PLATFORMS
  ruby

DEPENDENCIES
  can_i!
  motion-stump
  rake
